GEM
  remote: https://rubygems.org/
  specs:
    ast (2.4.0)
    async (1.24.1)
      console (~> 1.0)
      nio4r (~> 2.3)
      timers (~> 4.1)
    async-await (0.5.0)
      async (~> 1.3)
      ruby2_keywords
    async-container (0.14.1)
      async (~> 1.0)
      async-io (~> 1.4)
      process-group
    async-http (0.50.1)
      async (~> 1.23)
      async-io (~> 1.27.0)
      async-pool (~> 0.2)
      protocol-http (~> 0.13.0)
      protocol-http1 (~> 0.10.0)
      protocol-http2 (~> 0.10.0)
    async-io (1.27.1)
      async (~> 1.14)
    async-pool (0.2.0)
      async (~> 1.8)
    async-rest (0.12.1)
      async-http (~> 0.42)
      protocol-http (~> 0.7)
    bcrypt (3.1.13)
    benchmark-http (0.11.1)
      async-await
      async-http (~> 0.45)
      async-io (~> 1.5)
      samovar (~> 2.0)
      trenni-sanitize
    build-environment (1.12.1)
    coderay (1.1.2)
    concurrent-ruby (1.1.5)
    console (1.7.0)
    covered (0.13.1)
      async-rest
      console (~> 1.0)
      msgpack
      parser
    diff-lcs (1.3)
    falcon (0.34.5)
      async (~> 1.13)
      async-container (~> 0.14.0)
      async-http (~> 0.50.0)
      async-io (~> 1.22)
      build-environment (~> 1.11)
      localhost (~> 1.1)
      rack (>= 1.0)
      samovar (~> 2.1)
    ffi (1.11.3)
    formatador (0.2.5)
    guard (2.16.1)
      formatador (>= 0.2.4)
      listen (>= 2.7, < 4.0)
      lumberjack (>= 1.0.12, < 2.0)
      nenv (~> 0.1)
      notiffany (~> 0.0)
      pry (>= 0.9.12)
      shellany (~> 0.0)
      thor (>= 0.18.1)
    guard-compat (1.2.1)
    guard-falcon (0.10.0)
      falcon (~> 0.31)
      guard
      guard-compat (~> 1.2)
    guard-rspec (4.7.3)
      guard (~> 2.1)
      guard-compat (~> 1.1)
      rspec (>= 2.99.0, < 4.0)
    http-accept (2.1.1)
    kramdown (2.1.0)
    kramdown-parser-gfm (1.1.0)
      kramdown (~> 2.0)
    listen (3.2.1)
      rb-fsevent (~> 0.10, >= 0.10.3)
      rb-inotify (~> 0.9, >= 0.9.10)
    localhost (1.1.6)
    lumberjack (1.1.1)
    mail (2.7.1)
      mini_mime (>= 0.1.1)
    mapping (1.1.1)
    method_source (0.9.2)
    mime-types (3.3.1)
      mime-types-data (~> 3.2015)
    mime-types-data (3.2019.1009)
    mini_mime (1.0.2)
    msgpack (1.3.1)
    nenv (0.3.0)
    nio4r (2.5.2)
    notiffany (0.1.3)
      nenv (~> 0.1)
      shellany (~> 0.0)
    parser (2.7.0.2)
      ast (~> 2.4.0)
    process-group (1.2.1)
      process-terminal (~> 0.2.0)
    process-terminal (0.2.0)
      ffi
    protocol-hpack (1.4.1)
    protocol-http (0.13.0)
    protocol-http1 (0.10.0)
      protocol-http (~> 0.13)
    protocol-http2 (0.10.4)
      protocol-hpack (~> 1.4)
      protocol-http (~> 0.2)
    pry (0.12.2)
      coderay (~> 1.1.0)
      method_source (~> 0.9.0)
    rack (2.0.8)
    rack-freeze (1.3.0)
      rack (~> 2.0)
      ruby2_keywords
    rack-test (1.1.0)
      rack (>= 1.0, < 3)
    rake (13.0.1)
    rake-compiler (1.1.0)
      rake
    rb-fsevent (0.10.3)
    rb-inotify (0.10.1)
      ffi (~> 1.0)
    relaxo (1.5.0)
      console
      rugged
    relaxo-model (0.10.3)
      msgpack (~> 1.0)
      relaxo (~> 1.0)
    rspec (3.9.0)
      rspec-core (~> 3.9.0)
      rspec-expectations (~> 3.9.0)
      rspec-mocks (~> 3.9.0)
    rspec-core (3.9.1)
      rspec-support (~> 3.9.1)
    rspec-expectations (3.9.0)
      diff-lcs (>= 1.2.0, < 2.0)
      rspec-support (~> 3.9.0)
    rspec-mocks (3.9.1)
      diff-lcs (>= 1.2.0, < 2.0)
      rspec-support (~> 3.9.0)
    rspec-support (3.9.2)
    ruby2_keywords (0.0.2)
    rugged (0.28.4.1)
    samovar (2.1.2)
      console (~> 1.0)
      mapping (~> 1.0)
    scout_apm (2.4.24)
    shellany (0.0.1)
    thor (1.0.1)
    timers (4.3.0)
    trenni (3.7.1)
      rake-compiler
    trenni-sanitize (0.4.0)
      trenni (~> 3.5)
    utopia (2.11.0)
      concurrent-ruby (~> 1.0)
      console (~> 1.0)
      http-accept (~> 2.1)
      mail (~> 2.6)
      mime-types (~> 3.0)
      msgpack
      rack (~> 2.0)
      samovar (~> 2.1)
      trenni (~> 3.0)
    utopia-analytics (2.0.0)
      utopia (~> 2.0)
    utopia-gallery (2.3.0)
      trenni (~> 3.1)
      utopia (~> 2.0)
      vips-thumbnail (~> 1.1)
    vips (8.8.4)
      ffi (~> 1.9)
    vips-thumbnail (1.5.1)
      vips (~> 8.8)

PLATFORMS
  ruby

DEPENDENCIES
  async-http
  bcrypt
  benchmark-http (~> 0.11)
  bundler
  covered
  guard-falcon
  guard-rspec
  kramdown
  kramdown-parser-gfm
  pry
  rack-freeze (~> 1.2)
  rack-test
  rake
  relaxo-model (~> 0.10.0)
  rspec
  scout_apm (~> 2.4.0)
  trenni-sanitize
  utopia (~> 2.11)
  utopia-analytics
  utopia-gallery (~> 2.3)

BUNDLED WITH
   2.1.2
