GEM
  remote: https://rubygems.org/
  specs:
    async (1.15.0)
      nio4r (~> 2.3)
      timers (~> 4.1)
    async-container (0.9.0)
      async (~> 1.0)
      async-io (~> 1.4)
    async-http (0.37.12)
      async (~> 1.14)
      async-io (~> 1.18)
      http-protocol (~> 0.12)
    async-io (1.18.2)
      async (~> 1.14)
    bcrypt (3.1.12)
    coderay (1.1.2)
    concurrent-ruby (1.1.4)
    diff-lcs (1.3)
    docile (1.3.1)
    falcon (0.20.3)
      async (~> 1.13)
      async-container (~> 0.9.0)
      async-http (~> 0.37.2)
      async-io (~> 1.18)
      http-protocol (~> 0.12.0)
      localhost (~> 1.1)
      rack (>= 1.0)
      samovar (~> 1.3)
    ffi (1.10.0)
    formatador (0.2.5)
    guard (2.15.0)
      formatador (>= 0.2.4)
      listen (>= 2.7, < 4.0)
      lumberjack (>= 1.0.12, < 2.0)
      nenv (~> 0.1)
      notiffany (~> 0.0)
      pry (>= 0.9.12)
      shellany (~> 0.0)
      thor (>= 0.18.1)
    guard-compat (1.2.1)
    guard-falcon (0.8.7)
      falcon (~> 0.19)
      guard
      guard-compat (~> 1.2)
    guard-rspec (4.7.3)
      guard (~> 2.1)
      guard-compat (~> 1.1)
      rspec (>= 2.99.0, < 4.0)
    http-accept (1.7.0)
    http-hpack (0.1.1)
    http-protocol (0.12.0)
      http-hpack (~> 0.1.0)
    json (2.1.0)
    kramdown (2.0.0)
    listen (3.1.5)
      rb-fsevent (~> 0.9, >= 0.9.4)
      rb-inotify (~> 0.9, >= 0.9.7)
      ruby_dep (~> 1.2)
    localhost (1.1.4)
    lumberjack (1.0.13)
    mail (2.7.1)
      mini_mime (>= 0.1.1)
    mapping (1.1.1)
    method_source (0.9.2)
    mime-types (3.2.2)
      mime-types-data (~> 3.2015)
    mime-types-data (3.2018.0812)
    mini_mime (1.0.1)
    msgpack (1.2.6)
    nenv (0.3.0)
    nio4r (2.3.1)
    notiffany (0.1.1)
      nenv (~> 0.1)
      shellany (~> 0.0)
    passenger (6.0.1)
      rack
      rake (>= 0.8.1)
    pry (0.12.2)
      coderay (~> 1.1.0)
      method_source (~> 0.9.0)
    rack (2.0.6)
    rack-freeze (1.2.0)
      rack (~> 2.0)
    rack-test (1.1.0)
      rack (>= 1.0, < 3)
    rainbow (2.2.2)
      rake
    rake (12.3.2)
    rake-compiler (1.0.7)
      rake
    rb-fsevent (0.10.3)
    rb-inotify (0.10.0)
      ffi (~> 1.0)
    relaxo (1.4.0)
      rugged
    relaxo-model (0.10.3)
      msgpack (~> 1.0)
      relaxo (~> 1.0)
    rspec (3.8.0)
      rspec-core (~> 3.8.0)
      rspec-expectations (~> 3.8.0)
      rspec-mocks (~> 3.8.0)
    rspec-core (3.8.0)
      rspec-support (~> 3.8.0)
    rspec-expectations (3.8.2)
      diff-lcs (>= 1.2.0, < 2.0)
      rspec-support (~> 3.8.0)
    rspec-mocks (3.8.0)
      diff-lcs (>= 1.2.0, < 2.0)
      rspec-support (~> 3.8.0)
    rspec-support (3.8.0)
    ruby_dep (1.5.0)
    rugged (0.27.7)
    samovar (1.9.1)
      mapping (~> 1.0)
      rainbow (>= 2.0, < 4.0)
    scout_apm (2.5.0)
    shellany (0.0.1)
    simplecov (0.16.1)
      docile (~> 1.1)
      json (>= 1.8, < 3)
      simplecov-html (~> 0.10.0)
    simplecov-html (0.10.2)
    thor (0.20.3)
    timers (4.3.0)
    trenni (3.5.0)
      rake-compiler
    trenni-sanitize (0.2.0)
      trenni (~> 3.5.0)
    utopia (2.2.0)
      concurrent-ruby (~> 1.0)
      http-accept (~> 1.6)
      mail (~> 2.6)
      mime-types (~> 3.0)
      rack (~> 2.0)
      rainbow (~> 2.1)
      samovar (~> 1.2)
      trenni (~> 3.0)
    utopia-analytics (2.0.0)
      utopia (~> 2.0)
    utopia-gallery (2.2.1)
      trenni (~> 3.1)
      utopia (~> 2.0)
      vips-thumbnail (~> 1.1)
    vips (8.7.0.1)
      ffi (~> 1.9)
    vips-thumbnail (1.4.1)
      vips (~> 8.6)

PLATFORMS
  ruby

DEPENDENCIES
  async-http
  bcrypt
  bundler
  guard-falcon
  guard-rspec
  kramdown
  passenger
  pry
  rack-freeze (~> 1.2)
  rack-test
  rake
  relaxo-model (~> 0.10.0)
  rspec
  scout_apm
  simplecov
  trenni-sanitize
  utopia (~> 2.2.0)
  utopia-analytics
  utopia-gallery (~> 2.0)

BUNDLED WITH
   1.17.3
