GEM
  remote: https://rubygems.org/
  specs:
    closure-compiler (1.1.14)
    rake (12.3.2)

PLATFORMS
  ruby

DEPENDENCIES
  closure-compiler
  rake

BUNDLED WITH
   1.17.3
